GEM
  remote: https://rubygems.org/
  specs:
    minitest (5.10.3)
    rake (12.0.0)
    safe_yaml (1.0.4)

PLATFORMS
  ruby

DEPENDENCIES
  minitest (~> 5.10.3)
  rake
  safe_yaml (~> 1.0.4)

BUNDLED WITH
   1.15.3
